GEM
  remote: http://rubygems.org/
  specs:
    addressable (2.2.6)
    haml (3.1.6)
    i18n (0.6.0)
    json (1.7.3)
    mime-types (1.17.2)
    rack (1.4.1)
    rack-protection (1.2.0)
      rack
    rest-client (1.6.7)
      mime-types (>= 1.16)
    sinatra (1.3.2)
      rack (~> 1.3, >= 1.3.6)
      rack-protection (~> 1.2)
      tilt (~> 1.3, >= 1.3.3)
    tilt (1.3.3)

PLATFORMS
  ruby

DEPENDENCIES
  addressable
  haml
  i18n
  json
  rest-client (~> 1.6.3)
  sinatra
